GEM
  specs:
    hoe (3.13.0)
      rake (>= 0.8, < 11.0)
    json (1.8.1)
    minitest (5.5.0)
    rake (10.3.2)
    rdoc (4.2.0)
      json (~> 1.4)
    shoulda-context (1.2.1)

PLATFORMS
  ruby

DEPENDENCIES
  hoe
  minitest
  rdoc
  shoulda-context
